GEM
  remote: https://rubygems.org/
  specs:
    activemodel (5.1.2)
      activesupport (= 5.1.2)
    activesupport (5.1.2)
      concurrent-ruby (~> 1.0, >= 1.0.2)
      i18n (~> 0.7)
      minitest (~> 5.1)
      tzinfo (~> 1.1)
    bson (4.2.2)
    bson_ext (1.5.1)
    concurrent-ruby (1.0.5)
    faker (1.8.4)
      i18n (~> 0.5)
    i18n (0.8.6)
    minitest (5.10.3)
    mongo (2.4.3)
      bson (>= 4.2.1, < 5.0.0)
    mongoid (6.2.0)
      activemodel (~> 5.1)
      mongo (>= 2.4.1, < 3.0.0)
    mongoid-autoinc (6.0.2)
      mongoid (~> 6.0)
    mustermann (1.0.0)
    namey (0.0.10)
      sequel
      sqlite3
    rack (2.0.3)
    rack-protection (2.0.0)
      rack
    sequel (4.48.0)
    sinatra (2.0.0)
      mustermann (~> 1.0)
      rack (~> 2.0)
      rack-protection (= 2.0.0)
      tilt (~> 2.0)
    sinatra-cross_origin (0.4.0)
    sqlite3 (1.3.13)
    thread_safe (0.3.6)
    tilt (2.0.8)
    tzinfo (1.2.3)
      thread_safe (~> 0.1)

PLATFORMS
  ruby

DEPENDENCIES
  bson_ext
  faker
  mongo
  mongoid
  mongoid-autoinc
  namey
  sinatra
  sinatra-cross_origin

BUNDLED WITH
   1.14.6
